GIT
  remote: https://github.com/lsegal/yard.git
  revision: 2d197a381c5d4cc5c55b2c60fff992b31c986361
  ref: main
  specs:
    yard (0.9.34)

PATH
  remote: .
  specs:
    sentry-ruby (5.12.0)
      backports
      concurrent-ruby (~> 1.0, >= 1.0.2)
      ruby-next

GEM
  remote: https://rubygems.org/
  specs:
    abstract_type (0.0.7)
    adamantium (0.2.0)
      ice_nine (~> 0.11.0)
      memoizable (~> 0.4.0)
    anima (0.3.2)
      abstract_type (~> 0.0.7)
      adamantium (~> 0.2)
      equalizer (~> 0.0.11)
    ast (2.4.2)
    backports (3.24.1)
    benchmark-ips (2.5.0)
    benchmark-ipsa (0.2.0)
      benchmark-ips (~> 2.5.0)
      memory_profiler (~> 0.9.6)
    benchmark-memory (0.1.2)
      memory_profiler (~> 0.9)
    benchmark_driver (0.15.18)
    coderay (1.1.3)
    concord (0.1.6)
      adamantium (~> 0.2.0)
      equalizer (~> 0.0.9)
    concurrent-ruby (1.1.10)
    diff-lcs (1.5.0)
    docile (1.3.5)
    equalizer (0.0.11)
    ice_nine (0.11.2)
    json (2.5.1)
    memoizable (0.4.2)
      thread_safe (~> 0.3, >= 0.3.1)
    memory_profiler (0.9.12)
    method_source (1.0.0)
    mprelude (0.1.0)
      abstract_type (~> 0.0.7)
      adamantium (~> 0.2.0)
      concord (~> 0.1.5)
      equalizer (~> 0.0.9)
      ice_nine (~> 0.11.1)
      procto (~> 0.0.2)
    nio4r (2.3.1)
    parser (3.2.2.4)
      ast (~> 2.4.1)
      racc
    procto (0.0.3)
    pry (0.14.2)
      coderay (~> 1.1)
      method_source (~> 1.0)
    puma (5.6.7)
      nio4r (~> 2.0)
    racc (1.5.2)
    rack (2.1.4.3)
    rake (12.3.3)
    redis (4.1.1)
    rexml (3.2.5)
    rspec (3.12.0)
      rspec-core (~> 3.12.0)
      rspec-expectations (~> 3.12.0)
      rspec-mocks (~> 3.12.0)
    rspec-core (3.12.2)
      rspec-support (~> 3.12.0)
    rspec-expectations (3.12.3)
      diff-lcs (>= 1.2.0, < 2.0)
      rspec-support (~> 3.12.0)
    rspec-mocks (3.12.6)
      diff-lcs (>= 1.2.0, < 2.0)
      rspec-support (~> 3.12.0)
    rspec-retry (0.6.2)
      rspec-core (> 3.3)
    rspec-support (3.12.1)
    ruby-next (0.11.0)
      ruby-next-core (= 0.11.0)
      ruby-next-parser (>= 3.0.0.3)
      unparser (>= 0.4.8, < 0.6.0)
    ruby-next-core (0.11.0)
    ruby-next-parser (3.1.1.3)
      parser (>= 3.0.3.1)
    simplecov (0.17.1)
      docile (~> 1.1)
      json (>= 1.8, < 3)
      simplecov-html (~> 0.10.0)
    simplecov-cobertura (1.4.2)
      simplecov (~> 0.8)
    simplecov-html (0.10.2)
    thread_safe (0.3.6)
    timecop (0.9.8)
    unparser (0.5.2)
      abstract_type (~> 0.0.7)
      adamantium (~> 0.2.0)
      anima (~> 0.3.1)
      concord (~> 0.1.5)
      diff-lcs (~> 1.3)
      equalizer (~> 0.0.9)
      mprelude (~> 0.1.0)
      parser (>= 2.6.5)
      procto (~> 0.0.2)
    webrick (1.3.1)

PLATFORMS
  ruby

DEPENDENCIES
  benchmark-ips
  benchmark-ipsa
  benchmark-memory
  benchmark_driver
  pry
  puma
  rack (~> 2.1.4.3)
  rake (~> 12.0)
  redis (~> 4.1.1)
  rexml
  rspec (~> 3.0)
  rspec-retry
  sentry-ruby!
  simplecov
  simplecov-cobertura (~> 1.4)
  timecop
  webrick
  yard!

BUNDLED WITH
   1.17.3
